GEM
  remote: https://rubygems.org/
  specs:
    activesupport (7.2.2)
      base64
      benchmark (>= 0.3)
      bigdecimal
      concurrent-ruby (~> 1.0, >= 1.3.1)
      connection_pool (>= 2.2.5)
      drb
      i18n (>= 1.6, < 2)
      logger (>= 1.4.2)
      minitest (>= 5.1)
      securerandom (>= 0.3)
      tzinfo (~> 2.0, >= 2.0.5)
      uri (>= 0.13.1)
    base64 (0.2.0)
    benchmark (0.4.0)
    bigdecimal (3.1.8)
    coderay (1.1.3)
    concurrent-ruby (1.3.4)
    connection_pool (2.4.1)
    diff-lcs (1.5.1)
    drb (2.2.1)
    erubi (1.12.0)
    ffi (1.17.0-arm64-darwin)
    ffi (1.17.0-x86_64-linux-gnu)
    formatador (1.1.0)
    guard (2.18.1)
      formatador (>= 0.2.4)
      listen (>= 2.7, < 4.0)
      lumberjack (>= 1.0.12, < 2.0)
      nenv (~> 0.1)
      notiffany (~> 0.0)
      pry (>= 0.13.0)
      shellany (~> 0.0)
      thor (>= 0.18.1)
    guard-compat (1.2.1)
    guard-rspec (4.7.3)
      guard (~> 2.1)
      guard-compat (~> 1.1)
      rspec (>= 2.99.0, < 4.0)
    i18n (1.14.6)
      concurrent-ruby (~> 1.0)
    listen (3.9.0)
      rb-fsevent (~> 0.10, >= 0.10.3)
      rb-inotify (~> 0.9, >= 0.9.10)
    logger (1.6.1)
    lumberjack (1.2.10)
    method_source (1.1.0)
    minitest (5.25.2)
    nenv (0.3.0)
    netrc (0.11.0)
    notiffany (0.1.3)
      nenv (~> 0.1)
      shellany (~> 0.0)
    parallel (1.23.0)
    polyfill (1.9.0)
    prettier_print (1.2.1)
    prism (0.30.0)
    pry (0.14.2)
      coderay (~> 1.1)
      method_source (~> 1.0)
    rb-fsevent (0.11.2)
    rb-inotify (0.11.1)
      ffi (~> 1.0)
    rbi (0.1.13)
      prism (>= 0.18.0, < 1.0.0)
      sorbet-runtime (>= 0.5.9204)
    rspec (3.13.0)
      rspec-core (~> 3.13.0)
      rspec-expectations (~> 3.13.0)
      rspec-mocks (~> 3.13.0)
    rspec-core (3.13.0)
      rspec-support (~> 3.13.0)
    rspec-expectations (3.13.1)
      diff-lcs (>= 1.2.0, < 2.0)
      rspec-support (~> 3.13.0)
    rspec-json_expectations (2.2.0)
    rspec-mocks (3.13.1)
      diff-lcs (>= 1.2.0, < 2.0)
      rspec-support (~> 3.13.0)
    rspec-sorbet (1.9.2)
      sorbet-runtime
    rspec-support (3.13.1)
    safe_type (1.1.1)
    securerandom (0.3.2)
    shellany (0.0.1)
    sorbet (0.5.11829)
      sorbet-static (= 0.5.11829)
    sorbet-coerce (0.7.0)
      polyfill (~> 1.8)
      safe_type (~> 1.1, >= 1.1.1)
      sorbet-runtime (>= 0.4.4704)
    sorbet-runtime (0.5.11829)
    sorbet-static (0.5.11829-universal-darwin)
    sorbet-static (0.5.11829-x86_64-linux)
    sorbet-static-and-runtime (0.5.11829)
      sorbet (= 0.5.11829)
      sorbet-runtime (= 0.5.11829)
    spoom (1.4.2)
      erubi (>= 1.10.0)
      prism (>= 0.28.0)
      sorbet-static-and-runtime (>= 0.5.10187)
      thor (>= 0.19.2)
    syntax_tree (6.2.0)
      prettier_print (>= 1.2.0)
    tapioca (0.15.1)
      bundler (>= 2.2.25)
      netrc (>= 0.11.0)
      parallel (>= 1.21.0)
      rbi (>= 0.1.4, < 0.2)
      sorbet-static-and-runtime (>= 0.5.11087)
      spoom (>= 1.2.0)
      thor (>= 1.2.0)
      yard-sorbet
    thor (1.3.0)
    tzinfo (2.0.6)
      concurrent-ruby (~> 1.0)
    uri (1.0.2)
    yard (0.9.36)
    yard-sorbet (0.9.0)
      sorbet-runtime
      yard

PLATFORMS
  arm64-darwin-23
  x86_64-linux

DEPENDENCIES
  activesupport
  guard
  guard-rspec
  rspec
  rspec-json_expectations
  rspec-sorbet (~> 1.9.2)
  sorbet-coerce (~> 0.7)
  sorbet-static-and-runtime (= 0.5.11829)
  syntax_tree (~> 6.2)
  tapioca (~> 0.15.1)

BUNDLED WITH
   2.5.11
