GIT
  remote: https://github.com/factorialco/resource-registry.git
  revision: 2b73ddd272417ca8026e5f13e1103b4c72897824
  branch: adding-example-app
  specs:
    resource_registry (0.0.0)
      dry-inflector (= 1.1.0)
      sorbet-coerce (>= 0.2.6)
      sorbet-runtime (= 0.5.11609)

GEM
  remote: https://rubygems.org/
  specs:
    base64 (0.2.0)
    coderay (1.1.3)
    diff-lcs (1.5.1)
    dry-inflector (1.1.0)
    erubi (1.13.0)
    json (2.7.2)
    method_source (1.1.0)
    multi_json (1.15.0)
    mustermann (3.0.3)
      ruby2_keywords (~> 0.0.1)
    netrc (0.11.0)
    parallel (1.26.3)
    polyfill (1.9.0)
    prism (0.30.0)
    pry (0.14.2)
      coderay (~> 1.1)
      method_source (~> 1.0)
    rack (2.2.9)
    rack-protection (3.2.0)
      base64 (>= 0.1.0)
      rack (~> 2.2, >= 2.2.4)
    rack-test (2.1.0)
      rack (>= 1.3)
    rbi (0.1.14)
      prism (>= 0.18.0, < 1.0.0)
      sorbet-runtime (>= 0.5.9204)
    rspec (3.13.0)
      rspec-core (~> 3.13.0)
      rspec-expectations (~> 3.13.0)
      rspec-mocks (~> 3.13.0)
    rspec-core (3.13.1)
      rspec-support (~> 3.13.0)
    rspec-expectations (3.13.3)
      diff-lcs (>= 1.2.0, < 2.0)
      rspec-support (~> 3.13.0)
    rspec-mocks (3.13.1)
      diff-lcs (>= 1.2.0, < 2.0)
      rspec-support (~> 3.13.0)
    rspec-support (3.13.1)
    ruby2_keywords (0.0.5)
    safe_type (1.1.1)
    sinatra (3.2.0)
      mustermann (~> 3.0)
      rack (~> 2.2, >= 2.2.4)
      rack-protection (= 3.2.0)
      tilt (~> 2.0)
    sinatra-contrib (3.2.0)
      multi_json (>= 0.0.2)
      mustermann (~> 3.0)
      rack-protection (= 3.2.0)
      sinatra (= 3.2.0)
      tilt (~> 2.0)
    sorbet (0.5.11609)
      sorbet-static (= 0.5.11609)
    sorbet-coerce (0.7.0)
      polyfill (~> 1.8)
      safe_type (~> 1.1, >= 1.1.1)
      sorbet-runtime (>= 0.4.4704)
    sorbet-runtime (0.5.11609)
    sorbet-static (0.5.11609-universal-darwin)
    sorbet-static (0.5.11609-x86_64-linux)
    sorbet-static-and-runtime (0.5.11609)
      sorbet (= 0.5.11609)
      sorbet-runtime (= 0.5.11609)
    spoom (1.5.0)
      erubi (>= 1.10.0)
      prism (>= 0.28.0)
      sorbet-static-and-runtime (>= 0.5.10187)
      thor (>= 0.19.2)
    tapioca (0.15.1)
      bundler (>= 2.2.25)
      netrc (>= 0.11.0)
      parallel (>= 1.21.0)
      rbi (>= 0.1.4, < 0.2)
      sorbet-static-and-runtime (>= 0.5.11087)
      spoom (>= 1.2.0)
      thor (>= 1.2.0)
      yard-sorbet
    thor (1.3.2)
    tilt (2.4.0)
    yard (0.9.37)
    yard-sorbet (0.9.0)
      sorbet-runtime
      yard

PLATFORMS
  arm64-darwin-23
  x86_64-linux

DEPENDENCIES
  json
  pry
  rack-test
  resource_registry!
  rspec
  sinatra
  sinatra-contrib
  tapioca (~> 0.15.1)

BUNDLED WITH
   2.4.7
